GIT
  remote: git://github.com/fatfreecrm/fat_free_crm.git
  revision: cea0974240795538f67c3d95f13961d614d7233c
  branch: master
  specs:
    fat_free_crm (0.14.0)
      acts-as-taggable-on (>= 3.4.3)
      acts_as_commentable
      acts_as_list
      authlogic (>= 3.4.4)
      cancancan
      cocaine
      coffee-script-source (~> 1.8.0)
      country_select
      dynamic_form
      email_reply_parser_ffcrm
      ffaker (>= 2)
      font-awesome-rails
      haml
      jquery-migrate-rails
      jquery-rails
      jquery-ui-rails
      nokogiri
      paper_trail (>= 4.0.0.beta2)
      paperclip
      premailer
      rails (~> 4.2.0)
      rails-observers
      rails3-jquery-autocomplete
      rails_autolink
      ransack (~> 1.6.2)
      ransack_ui (>= 1.3.1)
      responders (~> 2.0)
      responds_to_parent
      sass
      select2-rails
      simple_form
      sprockets-rails (= 2.2.2)
      thor
      will_paginate

GEM
  remote: https://rubygems.org/
  specs:
    actionmailer (4.2.2)
      actionpack (= 4.2.2)
      actionview (= 4.2.2)
      activejob (= 4.2.2)
      mail (~> 2.5, >= 2.5.4)
      rails-dom-testing (~> 1.0, >= 1.0.5)
    actionpack (4.2.2)
      actionview (= 4.2.2)
      activesupport (= 4.2.2)
      rack (~> 1.6)
      rack-test (~> 0.6.2)
      rails-dom-testing (~> 1.0, >= 1.0.5)
      rails-html-sanitizer (~> 1.0, >= 1.0.1)
    actionview (4.2.2)
      activesupport (= 4.2.2)
      builder (~> 3.1)
      erubis (~> 2.7.0)
      rails-dom-testing (~> 1.0, >= 1.0.5)
      rails-html-sanitizer (~> 1.0, >= 1.0.1)
    activejob (4.2.2)
      activesupport (= 4.2.2)
      globalid (>= 0.3.0)
    activemodel (4.2.2)
      activesupport (= 4.2.2)
      builder (~> 3.1)
    activerecord (4.2.2)
      activemodel (= 4.2.2)
      activesupport (= 4.2.2)
      arel (~> 6.0)
    activesupport (4.2.2)
      i18n (~> 0.7)
      json (~> 1.7, >= 1.7.7)
      minitest (~> 5.1)
      thread_safe (~> 0.3, >= 0.3.4)
      tzinfo (~> 1.1)
    acts-as-taggable-on (3.5.0)
      activerecord (>= 3.2, < 5)
    acts_as_commentable (4.0.2)
    acts_as_list (0.7.2)
      activerecord (>= 3.0)
    addressable (2.3.8)
    arel (6.0.0)
    authlogic (3.4.5)
      activerecord (>= 3.2)
      activesupport (>= 3.2)
      request_store (~> 1.0)
      scrypt (~> 1.2)
    binding_of_caller (0.7.2)
      debug_inspector (>= 0.0.1)
    builder (3.2.2)
    byebug (5.0.0)
      columnize (= 0.9.0)
    cancancan (1.11.0)
    chronic (0.10.2)
    climate_control (0.0.3)
      activesupport (>= 3.0)
    cocaine (0.5.7)
      climate_control (>= 0.0.3, < 1.0)
    coffee-rails (4.1.0)
      coffee-script (>= 2.2.0)
      railties (>= 4.0.0, < 5.0)
    coffee-script (2.4.1)
      coffee-script-source
      execjs
    coffee-script-source (1.8.0)
    columnize (0.9.0)
    countries (0.11.4)
      currencies (~> 0.4.2)
      i18n_data (~> 0.7.0)
    country_select (2.2.0)
      countries (~> 0.11.0)
      sort_alphabetical (~> 1.0)
    css_parser (1.3.6)
      addressable
    currencies (0.4.2)
    debug_inspector (0.0.2)
    dynamic_form (1.1.4)
    email_reply_parser_ffcrm (0.5.0)
    erubis (2.7.0)
    execjs (2.5.2)
    ffaker (2.0.0)
    ffi (1.9.8)
    ffi-compiler (0.1.3)
      ffi (>= 1.0.0)
      rake
    font-awesome-rails (4.3.0.0)
      railties (>= 3.2, < 5.0)
    globalid (0.3.5)
      activesupport (>= 4.1.0)
    haml (4.0.6)
      tilt
    htmlentities (4.3.3)
    i18n (0.7.0)
    i18n_data (0.7.0)
    jbuilder (2.3.0)
      activesupport (>= 3.0.0, < 5)
      multi_json (~> 1.2)
    jquery-migrate-rails (1.2.1)
    jquery-rails (4.0.4)
      rails-dom-testing (~> 1.0)
      railties (>= 4.2.0)
      thor (>= 0.14, < 2.0)
    jquery-ui-rails (5.0.5)
      railties (>= 3.2.16)
    json (1.8.3)
    loofah (2.0.2)
      nokogiri (>= 1.5.9)
    mail (2.6.3)
      mime-types (>= 1.16, < 3)
    mime-types (2.6.1)
    mimemagic (0.3.0)
    mini_portile (0.6.2)
    minitest (5.7.0)
    multi_json (1.11.1)
    nokogiri (1.6.6.2)
      mini_portile (~> 0.6.0)
    paper_trail (4.0.0.rc1)
      activerecord (>= 3.0, < 6.0)
      activesupport (>= 3.0, < 6.0)
      request_store (~> 1.1.0)
    paperclip (4.3.0)
      activemodel (>= 3.2.0)
      activesupport (>= 3.2.0)
      cocaine (~> 0.5.5)
      mime-types
      mimemagic (= 0.3.0)
    pg (0.18.2)
    polyamorous (1.2.0)
      activerecord (>= 3.0)
    premailer (1.8.4)
      css_parser (>= 1.3.6)
      htmlentities (>= 4.0.0)
    rack (1.6.4)
    rack-test (0.6.3)
      rack (>= 1.0)
    rails (4.2.2)
      actionmailer (= 4.2.2)
      actionpack (= 4.2.2)
      actionview (= 4.2.2)
      activejob (= 4.2.2)
      activemodel (= 4.2.2)
      activerecord (= 4.2.2)
      activesupport (= 4.2.2)
      bundler (>= 1.3.0, < 2.0)
      railties (= 4.2.2)
      sprockets-rails
    rails-deprecated_sanitizer (1.0.3)
      activesupport (>= 4.2.0.alpha)
    rails-dom-testing (1.0.6)
      activesupport (>= 4.2.0.beta, < 5.0)
      nokogiri (~> 1.6.0)
      rails-deprecated_sanitizer (>= 1.0.1)
    rails-html-sanitizer (1.0.2)
      loofah (~> 2.0)
    rails-observers (0.1.2)
      activemodel (~> 4.0)
    rails3-jquery-autocomplete (1.0.15)
      rails (>= 3.2)
    rails_autolink (1.1.6)
      rails (> 3.1)
    railties (4.2.2)
      actionpack (= 4.2.2)
      activesupport (= 4.2.2)
      rake (>= 0.8.7)
      thor (>= 0.18.1, < 2.0)
    rake (10.4.2)
    ransack (1.6.6)
      actionpack (>= 3.0)
      activerecord (>= 3.0)
      activesupport (>= 3.0)
      i18n
      polyamorous (~> 1.2)
    ransack_chronic (1.1.0)
      chronic (>= 0.6.7)
    ransack_ui (1.3.1)
      ransack
      ransack_chronic (>= 1.1.0)
    rdoc (4.2.0)
      json (~> 1.4)
    request_store (1.1.0)
    responders (2.1.0)
      railties (>= 4.2.0, < 5)
    responds_to_parent (1.1.0)
    sass (3.4.14)
    sass-rails (5.0.3)
      railties (>= 4.0.0, < 5.0)
      sass (~> 3.1)
      sprockets (>= 2.8, < 4.0)
      sprockets-rails (>= 2.0, < 4.0)
      tilt (~> 1.1)
    scrypt (1.2.1)
      ffi-compiler (>= 0.0.2)
      rake
    sdoc (0.4.1)
      json (~> 1.7, >= 1.7.7)
      rdoc (~> 4.0)
    select2-rails (3.5.9.3)
      thor (~> 0.14)
    simple_form (3.1.0)
      actionpack (~> 4.0)
      activemodel (~> 4.0)
    sort_alphabetical (1.0.1)
      unicode_utils (>= 1.2.2)
    spring (1.3.6)
    sprockets (3.2.0)
      rack (~> 1.0)
    sprockets-rails (2.2.2)
      actionpack (>= 3.0)
      activesupport (>= 3.0)
      sprockets (>= 2.8, < 4.0)
    thor (0.19.1)
    thread_safe (0.3.5)
    tilt (1.4.1)
    turbolinks (2.5.3)
      coffee-rails
    tzinfo (1.2.2)
      thread_safe (~> 0.1)
    uglifier (2.7.1)
      execjs (>= 0.3.0)
      json (>= 1.8.0)
    unicode_utils (1.4.0)
    web-console (2.1.3)
      activemodel (>= 4.0)
      binding_of_caller (>= 0.7.2)
      railties (>= 4.0)
      sprockets-rails (>= 2.0, < 4.0)
    will_paginate (3.0.7)

PLATFORMS
  ruby

DEPENDENCIES
  byebug
  coffee-rails (~> 4.1.0)
  fat_free_crm!
  jbuilder (~> 2.0)
  jquery-rails
  pg
  rails (>= 4.2.0)
  sass-rails (~> 5.0)
  sdoc (~> 0.4.0)
  spring
  sprockets-rails (= 2.2.2)
  turbolinks
  uglifier (>= 1.3.0)
  web-console (~> 2.0)
